GEM
  remote: http://rubygems.org/
  specs:
    activesupport (3.2.13)
      i18n (= 0.6.1)
      multi_json (~> 1.0)
    addressable (2.7.0)
      public_suffix (>= 2.0.2, < 5.0)
    axiom-types (0.1.1)
      descendants_tracker (~> 0.0.4)
      ice_nine (~> 0.11.0)
      thread_safe (~> 0.3, >= 0.3.1)
    builder (3.2.2)
    byebug (9.0.6)
    coderay (1.1.1)
    coercible (1.0.0)
      descendants_tracker (~> 0.0.1)
    descendants_tracker (0.0.4)
      thread_safe (~> 0.3, >= 0.3.1)
    diff-lcs (1.1.3)
    enumerable-lazy (0.0.2)
    equalizer (0.0.11)
    faraday (0.8.11)
      multipart-post (~> 1.2.0)
    ffi (1.9.14-java)
    git (1.7.0)
      rchardet (~> 1.8)
    github_api (0.10.1)
      addressable
      faraday (~> 0.8.1)
      hashie (>= 1.2)
      multi_json (~> 1.4)
      nokogiri (~> 1.5.2)
      oauth2
    grape (0.16.2)
      activesupport
      builder
      hashie (>= 2.1.0)
      multi_json (>= 1.3.2)
      multi_xml (>= 0.5.2)
      mustermann19 (~> 0.4.3)
      rack (>= 1.3.0)
      rack-accept
      virtus (>= 1.0.0)
    grape-entity (0.3.0)
      activesupport
      multi_json (>= 1.3.2)
    hashie (3.4.6)
    highline (2.0.3)
    i18n (0.6.1)
    ice_nine (0.11.2)
    jeweler (1.8.8)
      builder
      bundler (~> 1.0)
      git (>= 1.2.5)
      github_api (= 0.10.1)
      highline (>= 1.6.15)
      nokogiri (= 1.5.10)
      rake
      rdoc
    json (1.8.6)
    json (1.8.6-java)
    jwt (2.2.1)
    kramdown (2.3.0)
      rexml
    kramdown-parser-gfm (1.1.0)
    method_source (0.8.2)
    multi_json (1.7.7)
    multi_xml (0.5.5)
    multipart-post (1.2.0)
    mustermann19 (0.4.4)
      enumerable-lazy
    nokogiri (1.5.10)
    nokogiri (1.5.10-java)
    oauth2 (1.4.4)
      faraday (>= 0.8, < 2.0)
      jwt (>= 1.0, < 3.0)
      multi_json (~> 1.3)
      multi_xml (~> 0.5)
      rack (>= 1.2, < 3)
    pry (0.10.4)
      coderay (~> 1.1.0)
      method_source (~> 0.8.1)
      slop (~> 3.4)
    pry (0.10.4-java)
      coderay (~> 1.1.0)
      method_source (~> 0.8.1)
      slop (~> 3.4)
      spoon (~> 0.0)
    pry-byebug (3.4.0)
      byebug (~> 9.0)
      pry (~> 0.10)
    public_suffix (4.0.5)
    rack (1.5.2)
    rack-accept (0.4.5)
      rack (>= 0.4)
    rack-test (0.6.1)
      rack (>= 1.0)
    rake (13.0.1)
    rchardet (1.8.0)
    rdoc (3.12)
      json (~> 1.4)
    rexml (3.2.4)
    rspec (2.11.0)
      rspec-core (~> 2.11.0)
      rspec-expectations (~> 2.11.0)
      rspec-mocks (~> 2.11.0)
    rspec-core (2.11.1)
    rspec-expectations (2.11.1)
      diff-lcs (~> 1.1.3)
    rspec-mocks (2.11.1)
    shoulda (3.1.1)
      shoulda-context (~> 1.0)
      shoulda-matchers (~> 1.2)
    shoulda-context (1.0.0)
    shoulda-matchers (1.2.0)
      activesupport (>= 3.0.0)
    slop (3.6.0)
    spoon (0.0.6)
      ffi
    thread_safe (0.3.5)
    thread_safe (0.3.5-java)
    virtus (1.0.5)
      axiom-types (~> 0.1)
      coercible (~> 1.0)
      descendants_tracker (~> 0.0, >= 0.0.3)
      equalizer (~> 0.0, >= 0.0.9)

PLATFORMS
  java
  ruby

DEPENDENCIES
  bundler (> 1.0.0)
  grape (~> 0.16.0)
  grape-entity (>= 0.3.0)
  jeweler (~> 1.8.8)
  kramdown (>= 2.3.0)
  kramdown-parser-gfm (>= 1.0.0)
  pry
  pry-byebug
  rack-test
  rdoc (~> 3.12)
  rspec
  shoulda

BUNDLED WITH
   1.17.3
